PATH
  remote: .
  specs:
    oar-scripting (1.0.4)
      json (>= 1.6.5)
      mixlib-cli (>= 1.1.0)
      rubyvis (>= 0.5.1)

GEM
  remote: http://rubygems.org/
  specs:
    json (1.6.5)
    mixlib-cli (1.2.2)
    rake (0.8.7)
    rubyvis (0.5.1)
    yard (0.8.2.1)

PLATFORMS
  ruby

DEPENDENCIES
  oar-scripting!
  rake (= 0.8.7)
  yard (~> 0.8.2.1)
