PATH
  remote: .
  specs:
    oar-scripting (0.0.1)

GEM
  remote: http://rubygems.org/
  specs:
    json (1.6.5)
    mixlib-cli (1.2.2)
    rake (0.8.7)
    rubyvis (0.5.1)

PLATFORMS
  ruby

DEPENDENCIES
  json
  mixlib-cli (>= 1.1.0)
  oar-scripting!
  rake (= 0.8.7)
  rubyvis (>= 0.5.1)
